PATH
  remote: .
  specs:
    viddler-ruby (0.0.1)
      json
      rest-client

GEM
  remote: http://rubygems.org/
  specs:
    ZenTest (4.4.0)
    diff-lcs (1.1.2)
    json (1.4.6)
    mime-types (1.16)
    rest-client (1.6.1)
      mime-types (>= 1.16)
    rspec (2.1.0)
      rspec-core (~> 2.1.0)
      rspec-expectations (~> 2.1.0)
      rspec-mocks (~> 2.1.0)
    rspec-core (2.1.0)
    rspec-expectations (2.1.0)
      diff-lcs (~> 1.1.2)
    rspec-mocks (2.1.0)

PLATFORMS
  ruby

DEPENDENCIES
  ZenTest
  bundler (>= 1.0.0)
  json
  rest-client
  rspec
  viddler-ruby!
