PATH
  remote: .
  specs:
    viddler-ruby (0.0.1)
      json
      rest-client

GEM
  remote: http://rubygems.org/
  specs:
    json (1.4.6)
    mime-types (1.16)
    rest-client (1.6.1)
      mime-types (>= 1.16)

PLATFORMS
  ruby

DEPENDENCIES
  bundler (>= 1.0.0)
  json
  rest-client
  viddler-ruby!
